GEM
  remote: https://rubygems.org/
  specs:
    actioncable (7.1.1)
      actionpack (= 7.1.1)
      activesupport (= 7.1.1)
      nio4r (~> 2.0)
      websocket-driver (>= 0.6.1)
      zeitwerk (~> 2.6)
    actionmailbox (7.1.1)
      actionpack (= 7.1.1)
      activejob (= 7.1.1)
      activerecord (= 7.1.1)
      activestorage (= 7.1.1)
      activesupport (= 7.1.1)
      mail (>= 2.7.1)
      net-imap
      net-pop
      net-smtp
    actionmailer (7.1.1)
      actionpack (= 7.1.1)
      actionview (= 7.1.1)
      activejob (= 7.1.1)
      activesupport (= 7.1.1)
      mail (~> 2.5, >= 2.5.4)
      net-imap
      net-pop
      net-smtp
      rails-dom-testing (~> 2.2)
    actionpack (7.1.1)
      actionview (= 7.1.1)
      activesupport (= 7.1.1)
      nokogiri (>= 1.8.5)
      rack (>= 2.2.4)
      rack-session (>= 1.0.1)
      rack-test (>= 0.6.3)
      rails-dom-testing (~> 2.2)
      rails-html-sanitizer (~> 1.6)
    actiontext (7.1.1)
      actionpack (= 7.1.1)
      activerecord (= 7.1.1)
      activestorage (= 7.1.1)
      activesupport (= 7.1.1)
      globalid (>= 0.6.0)
      nokogiri (>= 1.8.5)
    actionview (7.1.1)
      activesupport (= 7.1.1)
      builder (~> 3.1)
      erubi (~> 1.11)
      rails-dom-testing (~> 2.2)
      rails-html-sanitizer (~> 1.6)
    activejob (7.1.1)
      activesupport (= 7.1.1)
      globalid (>= 0.3.6)
    activemodel (7.1.1)
      activesupport (= 7.1.1)
    activerecord (7.1.1)
      activemodel (= 7.1.1)
      activesupport (= 7.1.1)
      timeout (>= 0.4.0)
    activestorage (7.1.1)
      actionpack (= 7.1.1)
      activejob (= 7.1.1)
      activerecord (= 7.1.1)
      activesupport (= 7.1.1)
      marcel (~> 1.0)
    activesupport (7.1.1)
      base64
      bigdecimal
      concurrent-ruby (~> 1.0, >= 1.0.2)
      connection_pool (>= 2.2.5)
      drb
      i18n (>= 1.6, < 2)
      minitest (>= 5.1)
      mutex_m
      tzinfo (~> 2.0)
    addressable (2.8.5)
      public_suffix (>= 2.0.2, < 6.0)
    ast (2.4.2)
    axiom-types (0.1.1)
      descendants_tracker (~> 0.0.4)
      ice_nine (~> 0.11.0)
      thread_safe (~> 0.3, >= 0.3.1)
    base64 (0.1.1)
    bigdecimal (3.1.4)
    bindex (0.8.1)
    bootstrap-datepicker-rails (1.10.0.1)
      railties (>= 3.0)
    brakeman (6.0.1)
    builder (3.2.4)
    bullet (7.1.2)
      activesupport (>= 3.0.0)
      uniform_notifier (~> 1.11)
    carrierwave (3.0.4)
      activemodel (>= 6.0.0)
      activesupport (>= 6.0.0)
      addressable (~> 2.6)
      image_processing (~> 1.1)
      marcel (~> 1.0.0)
      ssrf_filter (~> 1.0)
    chartkick (5.0.4)
    coercible (1.0.0)
      descendants_tracker (~> 0.0.1)
    concurrent-ruby (1.2.2)
    connection_pool (2.4.1)
    crass (1.0.6)
    date (3.3.3)
    debug (1.8.0)
      irb (>= 1.5.0)
      reline (>= 0.3.1)
    descendants_tracker (0.0.4)
      thread_safe (~> 0.3, >= 0.3.1)
    diff-lcs (1.5.0)
    docile (1.4.0)
    drb (2.1.1)
      ruby2_keywords
    erubi (1.12.0)
    execjs (2.9.1)
    ffi (1.16.3)
    flay (2.13.1)
      erubi (~> 1.10)
      path_expander (~> 1.0)
      ruby_parser (~> 3.0)
      sexp_processor (~> 4.0)
    flog (4.8.0)
      path_expander (~> 1.0)
      ruby_parser (~> 3.1, > 3.1.0)
      sexp_processor (~> 4.8)
    globalid (1.2.1)
      activesupport (>= 6.1)
    i18n (1.14.1)
      concurrent-ruby (~> 1.0)
    ice_nine (0.11.2)
    image_processing (1.12.2)
      mini_magick (>= 4.9.5, < 5)
      ruby-vips (>= 2.0.17, < 3)
    io-console (0.6.0)
    irb (1.8.3)
      rdoc
      reline (>= 0.3.8)
    jquery-rails (4.6.0)
      rails-dom-testing (>= 1, < 3)
      railties (>= 4.2.0)
      thor (>= 0.14, < 2.0)
    kaminari (1.2.2)
      activesupport (>= 4.1.0)
      kaminari-actionview (= 1.2.2)
      kaminari-activerecord (= 1.2.2)
      kaminari-core (= 1.2.2)
    kaminari-actionview (1.2.2)
      actionview
      kaminari-core (= 1.2.2)
    kaminari-activerecord (1.2.2)
      activerecord
      kaminari-core (= 1.2.2)
    kaminari-core (1.2.2)
    kgio (2.11.4)
    kwalify (0.7.2)
    launchy (2.5.2)
      addressable (~> 2.8)
    loofah (2.21.4)
      crass (~> 1.0.2)
      nokogiri (>= 1.12.0)
    lru_redux (1.1.0)
    mail (2.8.1)
      mini_mime (>= 0.1.1)
      net-imap
      net-pop
      net-smtp
    marcel (1.0.2)
    mini_magick (4.12.0)
    mini_mime (1.1.5)
    minitest (5.20.0)
    mutex_m (0.1.2)
    net-imap (0.4.1)
      date
      net-protocol
    net-pop (0.1.2)
      net-protocol
    net-protocol (0.2.1)
      timeout
    net-smtp (0.4.0)
      net-protocol
    nio4r (2.5.9)
    nokogiri (1.15.4-x86_64-linux)
      racc (~> 1.4)
    parser (3.2.2.4)
      ast (~> 2.4.1)
      racc
    path_expander (1.1.1)
    psych (5.1.1.1)
      stringio
    public_suffix (5.0.3)
    racc (1.7.1)
    rack (3.0.8)
    rack-mini-profiler (3.1.1)
      rack (>= 1.2.0)
    rack-session (2.0.0)
      rack (>= 3.0.0)
    rack-test (2.1.0)
      rack (>= 1.3)
    rackup (2.1.0)
      rack (>= 3)
      webrick (~> 1.8)
    rails (7.1.1)
      actioncable (= 7.1.1)
      actionmailbox (= 7.1.1)
      actionmailer (= 7.1.1)
      actionpack (= 7.1.1)
      actiontext (= 7.1.1)
      actionview (= 7.1.1)
      activejob (= 7.1.1)
      activemodel (= 7.1.1)
      activerecord (= 7.1.1)
      activestorage (= 7.1.1)
      activesupport (= 7.1.1)
      bundler (>= 1.15.0)
      railties (= 7.1.1)
    rails-controller-testing (1.0.5)
      actionpack (>= 5.0.1.rc1)
      actionview (>= 5.0.1.rc1)
      activesupport (>= 5.0.1.rc1)
    rails-dom-testing (2.2.0)
      activesupport (>= 5.0.0)
      minitest
      nokogiri (>= 1.6)
    rails-html-sanitizer (1.6.0)
      loofah (~> 2.21)
      nokogiri (~> 1.14)
    railties (7.1.1)
      actionpack (= 7.1.1)
      activesupport (= 7.1.1)
      irb
      rackup (>= 1.0.0)
      rake (>= 12.2)
      thor (~> 1.0, >= 1.2.2)
      zeitwerk (~> 2.6)
    rainbow (3.1.1)
    raindrops (0.20.1)
    rake (13.0.6)
    ransack (4.0.0)
      activerecord (>= 6.1.5)
      activesupport (>= 6.1.5)
      i18n
    rdoc (6.5.0)
      psych (>= 4.0.0)
    reek (6.1.4)
      kwalify (~> 0.7.0)
      parser (~> 3.2.0)
      rainbow (>= 2.0, < 4.0)
    reline (0.3.9)
      io-console (~> 0.5)
    rexml (3.2.6)
    rspec-core (3.12.2)
      rspec-support (~> 3.12.0)
    rspec-expectations (3.12.3)
      diff-lcs (>= 1.2.0, < 2.0)
      rspec-support (~> 3.12.0)
    rspec-mocks (3.12.6)
      diff-lcs (>= 1.2.0, < 2.0)
      rspec-support (~> 3.12.0)
    rspec-rails (6.0.3)
      actionpack (>= 6.1)
      activesupport (>= 6.1)
      railties (>= 6.1)
      rspec-core (~> 3.12)
      rspec-expectations (~> 3.12)
      rspec-mocks (~> 3.12)
      rspec-support (~> 3.12)
    rspec-support (3.12.1)
    ruby-vips (2.2.0)
      ffi (~> 1.12)
    ruby2_keywords (0.0.5)
    ruby_parser (3.20.3)
      sexp_processor (~> 4.16)
    rubycritic (4.9.0)
      flay (~> 2.13)
      flog (~> 4.7)
      launchy (>= 2.5.2)
      parser (>= 3.2.2.1)
      rainbow (~> 3.1.1)
      reek (~> 6.0, < 7.0)
      rexml
      ruby_parser (~> 3.20)
      simplecov (>= 0.22.0)
      tty-which (~> 0.5.0)
      virtus (~> 2.0)
    sass-rails (6.0.0)
      sassc-rails (~> 2.1, >= 2.1.1)
    sassc (2.4.0)
      ffi (~> 1.9)
    sassc-rails (2.1.2)
      railties (>= 4.0.0)
      sassc (>= 2.0)
      sprockets (> 3.0)
      sprockets-rails
      tilt
    sdoc (2.6.1)
      rdoc (>= 5.0)
    sexp_processor (4.17.0)
    simplecov (0.22.0)
      docile (~> 1.1)
      simplecov-html (~> 0.11)
      simplecov_json_formatter (~> 0.1)
    simplecov-html (0.12.3)
    simplecov_json_formatter (0.1.4)
    sprockets (4.2.1)
      concurrent-ruby (~> 1.0)
      rack (>= 2.2.4, < 4)
    sprockets-rails (3.4.2)
      actionpack (>= 5.2)
      activesupport (>= 5.2)
      sprockets (>= 3.0.0)
    sqlite3 (1.6.7-x86_64-linux)
    ssrf_filter (1.1.2)
    stringio (3.0.8)
    sucker_punch (3.1.0)
      concurrent-ruby (~> 1.0)
    thor (1.3.0)
    thread_safe (0.3.6)
    tilt (2.3.0)
    timeout (0.4.0)
    traceroute (0.8.1)
      rails (>= 3.0.0)
    tty-which (0.5.0)
    turbolinks (5.2.1)
      turbolinks-source (~> 5.2)
    turbolinks-source (5.2.0)
    tzinfo (2.0.6)
      concurrent-ruby (~> 1.0)
    uglifier (4.2.0)
      execjs (>= 0.3.0, < 3)
    unicorn (6.1.0)
      kgio (~> 2.6)
      raindrops (~> 0.7)
    uniform_notifier (1.16.0)
    virtus (2.0.0)
      axiom-types (~> 0.1)
      coercible (~> 1.0)
      descendants_tracker (~> 0.0, >= 0.0.3)
    web-console (4.2.1)
      actionview (>= 6.0.0)
      activemodel (>= 6.0.0)
      bindex (>= 0.4.0)
      railties (>= 6.0.0)
    webrick (1.8.1)
    websocket-driver (0.7.6)
      websocket-extensions (>= 0.1.0)
    websocket-extensions (0.1.5)
    zeitwerk (2.6.12)

PLATFORMS
  x86_64-linux

DEPENDENCIES
  bootstrap-datepicker-rails
  brakeman
  bullet
  carrierwave
  chartkick
  debug
  jquery-rails
  kaminari
  lru_redux
  rack-mini-profiler
  rails
  rails-controller-testing
  ransack
  rspec-rails
  rubycritic
  sass-rails
  sdoc (= 2.6.1)
  simplecov
  sqlite3
  sucker_punch
  traceroute
  turbolinks
  tzinfo-data
  uglifier
  unicorn
  web-console

BUNDLED WITH
   2.4.10
